PATH
  remote: .
  specs:
    hikiutils (0.2.3.12)
      hikidoc (~> 0.1.0)
      systemu
      thor

GEM
  remote: https://rubygems.org/
  specs:
    diff-lcs (1.2.5)
    hiki2latex (0.9.17)
      hikidoc (~> 0.1.0)
    hiki2md (0.1.3)
    hiki2yard (0.1.3)
    hikidoc (0.1.0)
    mathjax-yard (1.0.3)
      systemu
    minitest (5.9.1)
    rake (10.5.0)
    rspec (3.5.0)
      rspec-core (~> 3.5.0)
      rspec-expectations (~> 3.5.0)
      rspec-mocks (~> 3.5.0)
    rspec-core (3.5.4)
      rspec-support (~> 3.5.0)
    rspec-expectations (3.5.0)
      diff-lcs (>= 1.2.0, < 2.0)
      rspec-support (~> 3.5.0)
    rspec-mocks (3.5.0)
      diff-lcs (>= 1.2.0, < 2.0)
      rspec-support (~> 3.5.0)
    rspec-support (3.5.0)
    systemu (2.6.5)
    thor (0.19.4)
    yard (0.9.5)

PLATFORMS
  ruby

DEPENDENCIES
  bundler (~> 1.11)
  hiki2latex (~> 0.9.17)
  hiki2md
  hiki2yard
  hikiutils!
  mathjax-yard
  minitest (~> 5.0)
  rake (~> 10.0)
  rspec
  yard (~> 0.8)

BUNDLED WITH
   1.11.2
